GEM
  remote: http://rubygems.org/
  specs:
    ffi (1.5.0)
    rb-inotify (0.8.8)
      ffi (>= 0.5.0)
    sass (3.2.7)

PLATFORMS
  ruby

DEPENDENCIES
  rb-inotify (~> 0.8.8)
  sass
